PATH
  remote: .
  specs:
    apns_dispatch (1.0.3)
      json (~> 1.8.1)
      retryable (~> 2.0.2)

GEM
  remote: https://rubygems.org/
  specs:
    diff-lcs (1.2.5)
    json (1.8.3)
    rake (10.4.2)
    retryable (2.0.2)
    rspec (2.13.0)
      rspec-core (~> 2.13.0)
      rspec-expectations (~> 2.13.0)
      rspec-mocks (~> 2.13.0)
    rspec-core (2.13.1)
    rspec-expectations (2.13.0)
      diff-lcs (>= 1.1.3, < 2.0)
    rspec-mocks (2.13.1)

PLATFORMS
  ruby

DEPENDENCIES
  apns_dispatch!
  rake
  rspec (~> 2.13.0)

BUNDLED WITH
   1.10.6
